GIT
  remote: git://github.com/flajann2/juwelier.git
  revision: de59d5a2ddea00c1f18957ab62129c1c141acce1
  specs:
    juwelier (2.4.9)
      builder
      bundler
      git
      github_api
      highline
      kamelcase (~> 0)
      nokogiri
      psych
      rake
      rdoc
      semver2

GEM
  remote: http://rubygems.org/
  specs:
    activesupport (6.0.3.2)
      concurrent-ruby (~> 1.0, >= 1.0.2)
      i18n (>= 0.7, < 2)
      minitest (~> 5.1)
      tzinfo (~> 1.1)
      zeitwerk (~> 2.2, >= 2.2.2)
    addressable (2.7.0)
      public_suffix (>= 2.0.2, < 5.0)
    atlassian-jwt (0.2.0)
      jwt (~> 2.1.0)
    axiom-types (0.1.1)
      descendants_tracker (~> 0.0.4)
      ice_nine (~> 0.11.0)
      thread_safe (~> 0.3, >= 0.3.1)
    builder (3.2.4)
    byebug (11.1.3)
    coderay (1.1.3)
    coercible (1.0.0)
      descendants_tracker (~> 0.0.1)
    columnize (0.9.0)
    concurrent-ruby (1.1.7)
    crack (0.4.3)
      safe_yaml (~> 1.0.0)
    debugger (1.6.8)
      columnize (>= 0.3.1)
      debugger-linecache (~> 1.2.0)
      debugger-ruby_core_source (~> 1.3.5)
    debugger-linecache (1.2.0)
    debugger-ruby_core_source (1.3.8)
    declarative (0.0.20)
    declarative-option (0.1.0)
    descendants_tracker (0.0.4)
      thread_safe (~> 0.3, >= 0.3.1)
    diff-lcs (1.4.4)
    equalizer (0.0.11)
    excon (0.76.0)
    faraday (1.0.1)
      multipart-post (>= 1.2, < 3)
    faraday_middleware (1.0.0)
      faraday (~> 1.0)
    git (1.7.0)
      rchardet (~> 1.8)
    github_api (0.19.0)
      addressable (~> 2.4)
      descendants_tracker (~> 0.0.4)
      faraday (>= 0.8, < 2)
      hashie (~> 3.5, >= 3.5.2)
      oauth2 (~> 1.0)
    hashdiff (1.0.1)
    hashie (3.6.0)
    highline (2.0.3)
    http_logger (0.6.0)
    i18n (1.8.5)
      concurrent-ruby (~> 1.0)
    ice_nine (0.11.2)
    jira-ruby (2.1.3)
      activesupport
      atlassian-jwt
      multipart-post
      oauth (~> 0.5, >= 0.5.0)
    jwt (2.1.0)
    kamelcase (0.0.2)
      semver2 (~> 3)
    method_source (1.0.0)
    mimemagic (0.3.5)
    mini_portile2 (2.4.0)
    minitest (5.14.1)
    mocha (1.11.2)
    multi_json (1.15.0)
    multi_xml (0.6.0)
    multipart-post (2.1.1)
    nokogiri (1.10.10)
      mini_portile2 (~> 2.4.0)
    oauth (0.5.4)
    oauth2 (1.4.4)
      faraday (>= 0.8, < 2.0)
      jwt (>= 1.0, < 3.0)
      multi_json (~> 1.3)
      multi_xml (~> 0.5)
      rack (>= 1.2, < 3)
    pry (0.13.1)
      coderay (~> 1.1)
      method_source (~> 1.0)
    pry-byebug (3.9.0)
      byebug (~> 11.0)
      pry (~> 0.13.0)
    psych (3.2.0)
    public_suffix (4.0.5)
    rack (2.2.3)
    rake (13.0.1)
    rchardet (1.8.0)
    rdoc (6.2.1)
    representable (3.0.4)
      declarative (< 0.1.0)
      declarative-option (< 0.2.0)
      uber (< 0.2.0)
    rspec (3.9.0)
      rspec-core (~> 3.9.0)
      rspec-expectations (~> 3.9.0)
      rspec-mocks (~> 3.9.0)
    rspec-core (3.9.2)
      rspec-support (~> 3.9.3)
    rspec-expectations (3.9.2)
      diff-lcs (>= 1.2.0, < 2.0)
      rspec-support (~> 3.9.0)
    rspec-mocks (3.9.1)
      diff-lcs (>= 1.2.0, < 2.0)
      rspec-support (~> 3.9.0)
    rspec-support (3.9.3)
    safe_yaml (1.0.5)
    semver2 (3.4.2)
    thread_safe (0.3.6)
    tracker_api (1.11.0)
      addressable
      equalizer
      excon
      faraday
      faraday_middleware
      mimemagic
      multi_json
      representable
      virtus
    tzinfo (1.2.7)
      thread_safe (~> 0.1)
    uber (0.1.0)
    virtus (1.0.5)
      axiom-types (~> 0.1)
      coercible (~> 1.0)
      descendants_tracker (~> 0.0, >= 0.0.3)
      equalizer (~> 0.0, >= 0.0.9)
    webmock (3.8.3)
      addressable (>= 2.3.6)
      crack (>= 0.3.2)
      hashdiff (>= 0.4.0, < 2.0.0)
    zeitwerk (2.4.0)

PLATFORMS
  ruby

DEPENDENCIES
  debugger
  hashie
  http_logger
  jira-ruby
  juwelier!
  mocha
  pry-byebug
  rspec
  tracker_api
  webmock

BUNDLED WITH
   1.17.3
